PATH
  remote: .
  specs:
    remote-coffee-slack (0.1.0)
      slack-ruby-client (~> 0.15.1)

GEM
  remote: https://rubygems.org/
  specs:
    faraday (1.0.1)
      multipart-post (>= 1.2, < 3)
    faraday_middleware (1.0.0)
      faraday (~> 1.0)
    gli (2.19.2)
    hashie (4.1.0)
    minitest (5.14.2)
    multipart-post (2.1.1)
    rake (12.3.3)
    slack-ruby-client (0.15.1)
      faraday (>= 1.0)
      faraday_middleware
      gli
      hashie
      websocket-driver
    websocket-driver (0.7.3)
      websocket-extensions (>= 0.1.0)
    websocket-extensions (0.1.5)

PLATFORMS
  ruby

DEPENDENCIES
  minitest (~> 5.0)
  rake (~> 12.0)
  remote-coffee-slack!

BUNDLED WITH
   2.1.4
